GEM
  remote: http://rubygems.org/
  specs:
    actionpack (3.2.12)
      activemodel (= 3.2.12)
      activesupport (= 3.2.12)
      builder (~> 3.0.0)
      erubis (~> 2.7.0)
      journey (~> 1.0.4)
      rack (~> 1.4.5)
      rack-cache (~> 1.2)
      rack-test (~> 0.6.1)
      sprockets (~> 2.2.1)
    activemodel (3.2.12)
      activesupport (= 3.2.12)
      builder (~> 3.0.0)
    activerecord (3.2.12)
      activemodel (= 3.2.12)
      activesupport (= 3.2.12)
      arel (~> 3.0.2)
      tzinfo (~> 0.3.29)
    activerecord-jdbc-adapter (1.2.7)
    activesupport (3.2.12)
      i18n (~> 0.6)
      multi_json (~> 1.0)
    arel (3.0.2)
    backports (2.6.7)
    bcrypt-ruby (3.0.1)
    bcrypt-ruby (3.0.1-java)
    builder (3.0.4)
    capybara (2.0.2)
      mime-types (>= 1.16)
      nokogiri (>= 1.3.3)
      rack (>= 1.0.0)
      rack-test (>= 0.5.4)
      selenium-webdriver (~> 2.0)
      xpath (~> 1.0.0)
    childprocess (0.3.9)
      ffi (~> 1.0, >= 1.0.11)
    copyright-header (1.0.8)
    descendants_tracker (0.0.1)
    diff-lcs (1.1.3)
    enforce-ssl (0.2.2)
    erubis (2.7.0)
    fast_gettext (0.7.0)
    ffi (1.4.0)
    ffi (1.4.0-java)
    hike (1.2.1)
    i18n (0.6.4)
    ixtlan-audit (0.4.1)
      slf4r (~> 0.4.2)
    ixtlan-babel (0.3.4)
    ixtlan-error-handler (0.4.1)
      slf4r (~> 0.4.2)
    ixtlan-generators (0.1.7)
    ixtlan-gettext (0.1.3)
      fast_gettext (~> 0.6)
      ixtlan-remote (~> 0.1)
    ixtlan-guard (0.9.0)
      virtus (~> 0.5)
    ixtlan-optimistic (0.2.2)
    ixtlan-remote (0.2.0)
      rest-client (~> 1.6.3)
    ixtlan-session-timeout (0.4.0)
    ixtlan-user-management (0.1.0)
    jdbc-sqlite3 (3.7.2.1)
    journey (1.0.4)
    json (1.7.7)
    json (1.7.7-java)
    mail (2.5.3)
      i18n (>= 0.4.0)
      mime-types (~> 1.16)
      treetop (~> 1.4.8)
    mime-types (1.21)
    multi_json (1.6.1)
    nokogiri (1.5.6)
    nokogiri (1.5.6-java)
    pg (0.14.1)
    polyglot (0.3.3)
    pony (1.4)
      mail (> 2.0)
    rack (1.4.5)
    rack-cache (1.2)
      rack (>= 0.4)
    rack-ssl (1.3.3)
      rack
    rack-test (0.6.2)
      rack (>= 1.0)
    railties (3.2.12)
      actionpack (= 3.2.12)
      activesupport (= 3.2.12)
      rack-ssl (~> 1.3.2)
      rake (>= 0.8.7)
      rdoc (~> 3.4)
      thor (>= 0.14.6, < 2.0)
    rake (10.0.3)
    rdoc (3.12.2)
      json (~> 1.4)
    rest-client (1.6.7)
      mime-types (>= 1.16)
    resty-generators (0.7.3)
      ixtlan-generators (~> 0.1.4)
    rspec-core (2.12.2)
    rspec-expectations (2.12.1)
      diff-lcs (~> 1.1.3)
    rspec-mocks (2.12.2)
    rspec-rails (2.12.2)
      actionpack (>= 3.0)
      activesupport (>= 3.0)
      railties (>= 3.0)
      rspec-core (~> 2.12.0)
      rspec-expectations (~> 2.12.0)
      rspec-mocks (~> 2.12.0)
    rubyzip (0.9.9)
    selenium-webdriver (2.31.0)
      childprocess (>= 0.2.5)
      multi_json (~> 1.0)
      rubyzip
      websocket (~> 1.0.4)
    slf4r (0.4.2)
    sprockets (2.2.2)
      hike (~> 1.2)
      multi_json (~> 1.0)
      rack (~> 1.0)
      tilt (~> 1.1, != 1.3.0)
    sqlite3 (1.3.7)
    thor (0.17.0)
    tilt (1.3.5)
    treetop (1.4.12)
      polyglot
      polyglot (>= 0.3.1)
    tzinfo (0.3.37)
    virtus (0.5.4)
      backports (~> 2.6.1)
      descendants_tracker (~> 0.0.1)
    websocket (1.0.7)
    xpath (1.0.0)
      nokogiri (~> 1.3)

PLATFORMS
  java
  ruby

DEPENDENCIES
  actionpack (~> 3.2.11)
  activerecord (~> 3.2.11)
  activerecord-jdbc-adapter (~> 1.2)
  activesupport (~> 3.2.11)
  bcrypt-ruby
  capybara
  copyright-header (~> 1.0.7)
  enforce-ssl
  ixtlan-audit (~> 0.3)
  ixtlan-babel (~> 0.2)
  ixtlan-error-handler (~> 0.3)
  ixtlan-gettext (~> 0.1)
  ixtlan-guard (~> 0.9)
  ixtlan-optimistic (~> 0.2.1)
  ixtlan-remote (~> 0.1)
  ixtlan-session-timeout (~> 0.4.0)
  ixtlan-user-management (~> 0.1)
  jdbc-sqlite3
  pg
  pony (~> 1.4)
  railties (~> 3.2.11)
  resty-generators (~> 0.7.3)
  rspec-rails (~> 2.12.0)
  slf4r (~> 0.4.2)
  sqlite3
  tzinfo (~> 0.3.32)
