PATH
  remote: ../../ixtlan/ixtlan-core
  specs:
    ixtlan-core (0.8.0)

PATH
  remote: ../../ixtlan/ixtlan-gettext
  specs:
    ixtlan-gettext (0.1.0)
      fast_gettext (~> 0.6)
      ixtlan-remote (~> 0.1)

GEM
  remote: http://rubygems.org/
  specs:
    actionpack (3.2.9)
      activemodel (= 3.2.9)
      activesupport (= 3.2.9)
      builder (~> 3.0.0)
      erubis (~> 2.7.0)
      journey (~> 1.0.4)
      rack (~> 1.4.0)
      rack-cache (~> 1.2)
      rack-test (~> 0.6.1)
      sprockets (~> 2.2.1)
    activemodel (3.2.9)
      activesupport (= 3.2.9)
      builder (~> 3.0.0)
    activerecord (3.2.9)
      activemodel (= 3.2.9)
      activesupport (= 3.2.9)
      arel (~> 3.0.2)
      tzinfo (~> 0.3.29)
    activerecord-jdbc-adapter (1.2.2)
    activesupport (3.2.9)
      i18n (~> 0.6)
      multi_json (~> 1.0)
    addressable (2.3.2)
    arel (3.0.2)
    backports (2.6.5)
    bcrypt-ruby (3.0.1)
    bcrypt-ruby (3.0.1-java)
    builder (3.0.4)
    capybara (1.1.2)
      mime-types (>= 1.16)
      nokogiri (>= 1.3.3)
      rack (>= 1.0.0)
      rack-test (>= 0.5.4)
      selenium-webdriver (~> 2.0)
      xpath (~> 0.1.4)
    childprocess (0.3.5)
      ffi (~> 1.0, >= 1.0.6)
    copyright-header (1.0.7)
    diff-lcs (1.1.3)
    enforce-ssl (0.2.2)
    erubis (2.7.0)
    fast_gettext (0.6.11)
    ffi (1.1.5)
    ffi (1.1.5-java)
    hike (1.2.1)
    i18n (0.6.1)
    ixtlan-audit (0.3.2)
      slf4r (~> 0.4.2)
    ixtlan-babel (0.2.1)
    ixtlan-error-handler (0.3.1)
      slf4r (~> 0.4.2)
    ixtlan-generators (0.1.7)
    ixtlan-guard (0.9.0)
      virtus (~> 0.5)
    ixtlan-optimistic (0.2.0)
    ixtlan-remote (0.1.1)
      rest-client (~> 1.6.3)
    ixtlan-session-timeout (0.4.0)
    jdbc-sqlite3 (3.7.2)
    journey (1.0.4)
    json (1.6.1)
    json (1.6.1-java)
    libwebsocket (0.1.5)
      addressable
    mail (2.4.4)
      i18n (>= 0.4.0)
      mime-types (~> 1.16)
      treetop (~> 1.4.8)
    mime-types (1.19)
    multi_json (1.5.0)
    nokogiri (1.5.5)
    nokogiri (1.5.5-java)
    pg (0.14.1)
    polyglot (0.3.3)
    pony (1.4)
      mail (> 2.0)
    rack (1.4.1)
    rack-cache (1.2)
      rack (>= 0.4)
    rack-ssl (1.3.2)
      rack
    rack-test (0.6.2)
      rack (>= 1.0)
    railties (3.2.9)
      actionpack (= 3.2.9)
      activesupport (= 3.2.9)
      rack-ssl (~> 1.3.2)
      rake (>= 0.8.7)
      rdoc (~> 3.4)
      thor (>= 0.14.6, < 2.0)
    rake (10.0.3)
    rdoc (3.12)
      json (~> 1.4)
    rest-client (1.6.7)
      mime-types (>= 1.16)
    resty-generators (0.7.3)
      ixtlan-generators (~> 0.1.4)
    rspec (2.11.0)
      rspec-core (~> 2.11.0)
      rspec-expectations (~> 2.11.0)
      rspec-mocks (~> 2.11.0)
    rspec-core (2.11.1)
    rspec-expectations (2.11.2)
      diff-lcs (~> 1.1.3)
    rspec-mocks (2.11.2)
    rspec-rails (2.11.0)
      actionpack (>= 3.0)
      activesupport (>= 3.0)
      railties (>= 3.0)
      rspec (~> 2.11.0)
    rubyzip (0.9.9)
    selenium-webdriver (2.25.0)
      childprocess (>= 0.2.5)
      libwebsocket (~> 0.1.3)
      multi_json (~> 1.0)
      rubyzip
    slf4r (0.4.2)
    sprockets (2.2.2)
      hike (~> 1.2)
      multi_json (~> 1.0)
      rack (~> 1.0)
      tilt (~> 1.1, != 1.3.0)
    sqlite3 (1.3.6)
    thor (0.16.0)
    tilt (1.3.3)
    treetop (1.4.12)
      polyglot
      polyglot (>= 0.3.1)
    tzinfo (0.3.35)
    virtus (0.5.2)
      backports (~> 2.6.1)
    xpath (0.1.4)
      nokogiri (~> 1.3)

PLATFORMS
  java
  ruby

DEPENDENCIES
  actionpack (~> 3.2.9)
  activerecord (~> 3.2.9)
  activerecord-jdbc-adapter
  activesupport (~> 3.2.9)
  bcrypt-ruby
  capybara
  copyright-header (~> 1.0.7)
  enforce-ssl
  fast_gettext
  ixtlan-audit (~> 0.3.0)
  ixtlan-babel
  ixtlan-core (~> 0.8.0)!
  ixtlan-error-handler (~> 0.3.0)
  ixtlan-generators (~> 0.1.5)
  ixtlan-gettext!
  ixtlan-guard (~> 0.9.0)
  ixtlan-optimistic
  ixtlan-remote
  ixtlan-session-timeout (~> 0.4.0)
  jdbc-sqlite3
  json (= 1.6.1)
  pg
  pony (~> 1.4)
  railties (~> 3.2.9)
  rest-client (~> 1.6.7)
  resty-generators (~> 0.7.3)
  rspec-rails (~> 2.11.0)
  slf4r (~> 0.4.2)
  sqlite3
  tzinfo (~> 0.3.32)
  virtus (~> 0.5.2)
